PATH
  remote: .
  specs:
    mongo_mapper (0.9.0)
      activemodel (>= 3.0)
      activesupport (>= 3.0)
      plucky (~> 0.3.8)

GEM
  remote: http://rubygems.org/
  specs:
    SystemTimer (1.2.3)
    activemodel (3.0.7)
      activesupport (= 3.0.7)
      builder (~> 2.1.2)
      i18n (~> 0.5.0)
    activesupport (3.0.7)
    archive-tar-minitar (0.5.2)
    bson (1.3.0)
    bson_ext (1.3.0)
    builder (2.1.2)
    columnize (0.3.2)
    i18n (0.5.0)
    jnunemaker-matchy (0.4.0)
    json (1.5.1)
    linecache (0.43)
    linecache19 (0.5.12)
      ruby_core_source (>= 0.1.4)
    log_buddy (0.6.0)
    mocha (0.9.12)
    mongo (1.3.0)
      bson (>= 1.3.0)
    perftools.rb (0.5.6)
    plucky (0.3.8)
      mongo (~> 1.3)
    rack (1.2.2)
    rack-test (0.5.7)
      rack (>= 1.0)
    rake (0.8.7)
    ruby-debug (0.10.4)
      columnize (>= 0.1)
      ruby-debug-base (~> 0.10.4.0)
    ruby-debug-base (0.10.4)
      linecache (>= 0.3)
    ruby-debug-base19 (0.11.25)
      columnize (>= 0.3.1)
      linecache19 (>= 0.5.11)
      ruby_core_source (>= 0.1.4)
    ruby-debug19 (0.11.6)
      columnize (>= 0.3.1)
      linecache19 (>= 0.5.11)
      ruby-debug-base19 (>= 0.11.19)
    ruby_core_source (0.1.5)
      archive-tar-minitar (>= 0.5.2)
    shoulda (2.11.3)
    timecop (0.3.5)
    tzinfo (0.3.26)

PLATFORMS
  ruby

DEPENDENCIES
  SystemTimer
  bson_ext (~> 1.3.0)
  jnunemaker-matchy (~> 0.4.0)
  json
  log_buddy
  mocha (~> 0.9.8)
  mongo_mapper!
  perftools.rb
  rack-test
  rake
  ruby-debug
  ruby-debug19
  shoulda (~> 2.11)
  timecop (~> 0.3.1)
  tzinfo
